PATH
  remote: .
  specs:
    teamspeak-ruby (1.0.6)

GEM
  remote: https://rubygems.org/
  specs:
    minitest (5.8.4)

PLATFORMS
  ruby

DEPENDENCIES
  minitest (~> 5.8)
  teamspeak-ruby!

BUNDLED WITH
   1.12.5
